##TITLE= Parameter file, TopSpin 4.0.7
##JCAMPDX= 5.0
##DATATYPE= Parameter Values
##NPOINTS= 2	$$ modification sequence number
##ORIGIN= Bruker BioSpin GmbH
##OWNER= ek3044
$$ 2020-04-29 15:14:01.386 -0400  ek3044@nitro.chem.columbia.edu
$$ /opt/nmrdata/ek3044/202003_egk/84//specpar
$$ process /opt/topspin4.0.7/prog/mod/acqdataserver
##$ANCIEN= (0..7)
0 0 0 0 0 0 0 0
##$BF1= 100.13
##$BF2= 100.13
##$BF3= 100.13
##$DEC= 1
##$DECB= 1
##$DEF19F= yes
##$DEFRSEL= yes
##$HPMOD= (0..32)
0 0 0 0 0 0 0 0 0 0 0 0 0 0 0 0 0 0 0 0 0 0 0 0 0 0 0 0 0 0 0 0 0
##$HPPRECH= (0..32)
-1 -1 -1 -1 -1 -1 -1 -1 -1 -1 -1 -1 -1 -1 -1 -1 -1 -1 -1 -1 -1 -1 -1 -1
-1 -1 -1 -1 -1 -1 -1 -1 -1
##$HPSELECT= yes
##$LOCSW19F= -1
##$LOCSW2H= -1
##$NUC1= 10
##$NUC2= 1
##$NUC3= 12
##$NUC4= 0
##$NUC5= 0
##$NUC6= 0
##$NUC7= 0
##$NUC8= 0
##$NUCARR= (0..123)
599.370000003 599.370000003 92.006944326 639.311860967 456.593928453 88.203804659
232.93794008 84.222351578 64.394262955 192.301714964 150.711706374 43.312376203
60.733634655 81.253336322 563.971273733 47.316041935 158.54475303 36.6912437
156.176995789 119.077958722 242.629423326 46.0076412 58.725727174 48.882968934
27.96883985 15.351693779 40.337774817 145.597443995 33.789687535 33.798696066
59.759041054 157.651979428 33.879365276 148.579135927 19.406269999 142.212963434
53.560008878 158.925790521 170.243214735 37.501400141 143.85691547 182.788094766
20.907913615 102.627811531 114.308927469 31.273460351 150.166039927 161.868966937
23.061360119 57.868831859 196.11658514 25.975628921 29.370316753 55.719221322
146.70282013 39.060499366 39.880251722 134.908153548 27.601893549 30.935697375
19.098607383 27.42777057 24.26141274 27.891880743 127.159222476 133.019232999
131.056775744 131.337724438 196.106365883 213.569070769 223.50886102 143.432699365
77.673658933 156.853582626 189.099850456 119.918868839 166.68591183 49.411589297
78.614220307 59.54415492 66.607556554 79.082675911 84.664854462 183.527094
32.665664999 20.138832 24.993729001 20.618328 149.003382 65.810826001 18.400659
24.154611 144.088548 20.618328 28.889634001 127.905558001 17.261856 49.687773
104.885590373 28.8956277 68.3521548 48.7347747 24.0167559 15.0861429 71.86206552
24.972073762 135.005695021 136.36626492 13.679607314 46.543477979 10.2971766
11.2142127 128.845274261 10.3631073 107.352093823 39.627845027 342.379323842
345.739619823 125.391794228 96.314491486 11.03679918 21.757131 21.702059767
100
##$NUCOFFS= (0..127)
<1H> <2H> <19F> <13C> <15N> <79Br> <7Li> <23Na> <31P> <11B> <207Pb> <6Li>
<119Sn> <> <> <> <> <> <> <> <> <> <> <> <> <> <> <> <> <> <> <> <> <>
<> <> <> <> <> <> <> <> <> <> <> <> <> <> <> <> <> <> <> <> <> <> <> <>
<> <> <> <> <> <> <> <> <> <> <> <> <> <> <> <> <> <> <> <> <> <> <> <>
<> <> <> <> <> <> <> <> <> <> <> <> <> <> <> <> <> <> <> <> <> <> <> <>
<> <> <> <> <> <> <> <> <> <> <> <> <> <> <> <> <> <> <> <> <> <>
##$OBS= 1
##$OFFS= (0..127)
0 0 0 0 0 0 0 0 0 0 0 0 0 0 0 0 0 0 0 0 0 0 0 0 0 0 0 0 0 0 0 0 0 0 0 0
0 0 0 0 0 0 0 0 0 0 0 0 0 0 0 0 0 0 0 0 0 0 0 0 0 0 0 0 0 0 0 0 0 0 0 0
0 0 0 0 0 0 0 0 0 0 0 0 0 0 0 0 0 0 0 0 0 0 0 0 0 0 0 0 0 0 0 0 0 0 0 0
0 0 0 0 0 0 0 0 0 0 0 0 0 0 0 0 0 0 0 0
##$OFFSF= (0..7)
0 0 0 0 0 0 0 0
##$OFFSH= (0..7)
0 0 0 0 0 0 0 0
##$OFFSX= (0..7)
0 0 0 0 0 0 0 0
##$OFFSXAS= (0..7)
0 0 0 0 0 0 0 0
##$OFSF1= 0
##$OFSF2= 0
##$OFSH1= 0
##$OFSH2= 0
##$OFSH3= 0
##$OFSX1= 0
##$OFSX2= 0
##$OFSY= 0
##$PACOIL= (0..32)
0 0 0 0 0 0 0 0 0 0 0 0 0 0 0 0 0 0 0 0 0 0 0 0 0 0 0 0 0 0 0 0 0
##$PRECHAN= (0..32)
-1 0 2 3 -1 4 -1 1 -1 -1 -1 -1 -1 -1 -1 -1 -1 -1 -1 -1 -1 -1 -1 -1 -1 -1
-1 -1 -1 -1 -1 -1 -1
##$RECPRE= (0..25)
-1 0 2 3 4 -1 -1 -1 -1 -1 -1 -1 -1 -1 -1 -1 -1 -1 -1 -1 -1 -1 -1 -1 -1
-1
##$RECPRFX= (0..32)
1 0 1 1 1 0 0 0 0 0 0 0 0 0 0 0 0 0 0 0 0 0 0 0 0 0 0 0 0 0 0 0 0
##$RECSEL= (0..24)
0 1 2 3 4 5 6 7 8 9 10 11 12 13 14 15 16 17 18 19 20 21 22 23 24
##$SELREC= (0..24)
0 0 0 0 0 0 0 0 0 0 0 0 0 0 0 0 0 0 0 0 0 0 0 0 0
##$SFO1= 150.73978
##$SFO2= 599.372397
##$SFO3= 60.743635
##$SFO4= 599.37
##$SFO5= 599.379043
##$SFO6= 599.379043
##$SFO7= 599.379043
##$SFO8= 599.379043
##$TY= (0..123)
0 0 0 0 0 0 0 0 0 0 0 0 0 0 0 0 0 0 0 0 0 0 0 0 0 0 0 0 0 0 0 0 0 0 0 0
0 0 0 0 0 0 0 0 0 0 0 0 0 0 0 0 0 0 0 0 0 0 0 0 0 0 0 0 0 0 0 0 0 0 0 0
0 0 0 0 0 0 0 0 0 0 0 0 0 0 0 0 0 0 0 0 0 0 0 0 0 0 0 0 0 0 0 0 0 0 0 0
0 0 0 0 0 0 0 0 0 0 0 0 0 0 0 0
##END=
